GEM
  remote: https://rubygems.org/
  specs:
    commander (4.6.0)
      highline (~> 2.0.0)
    highline (2.0.3)
    httparty (0.20.0)
      mime-types (~> 3.0)
      multi_xml (>= 0.5.2)
    mime-types (3.4.1)
      mime-types-data (~> 3.2015)
    mime-types-data (3.2022.0105)
    multi_xml (0.6.0)
    net-ssh (7.0.1)

PLATFORMS
  x86_64-darwin-20

DEPENDENCIES
  commander
  httparty
  net-ssh

BUNDLED WITH
   2.3.7
